PATH
  remote: .
  specs:
    conduct (0.0.0)
      activesupport (= 4.0.0.rc1)

GEM
  remote: https://rubygems.org/
  specs:
    activesupport (4.0.0.rc1)
      i18n (~> 0.6, >= 0.6.4)
      minitest (~> 4.2)
      multi_json (~> 1.3)
      thread_safe (~> 0.1)
      tzinfo (~> 0.3.37)
    atomic (1.1.9)
    diff-lcs (1.2.4)
    hashie (2.0.5)
    i18n (0.6.4)
    minitest (4.7.4)
    multi_json (1.7.3)
    rspec (2.13.0)
      rspec-core (~> 2.13.0)
      rspec-expectations (~> 2.13.0)
      rspec-mocks (~> 2.13.0)
    rspec-core (2.13.1)
    rspec-expectations (2.13.0)
      diff-lcs (>= 1.1.3, < 2.0)
    rspec-mocks (2.13.1)
    thread_safe (0.1.0)
      atomic
    tzinfo (0.3.37)

PLATFORMS
  ruby

DEPENDENCIES
  conduct!
  hashie
  rspec
